GEM
  remote: https://rubygems.org/
  specs:
    byebug (8.2.2)
    diff-lcs (1.2.5)
    mixlib-cli (1.5.0)
    paint (1.0.1)
    rspec (3.4.0)
      rspec-core (~> 3.4.0)
      rspec-expectations (~> 3.4.0)
      rspec-mocks (~> 3.4.0)
    rspec-core (3.4.4)
      rspec-support (~> 3.4.0)
    rspec-expectations (3.4.0)
      diff-lcs (>= 1.2.0, < 2.0)
      rspec-support (~> 3.4.0)
    rspec-mocks (3.4.1)
      diff-lcs (>= 1.2.0, < 2.0)
      rspec-support (~> 3.4.0)
    rspec-support (3.4.1)

PLATFORMS
  ruby

DEPENDENCIES
  byebug
  mixlib-cli (~> 1.5.0)
  paint (~> 1.0.1)
  rspec

BUNDLED WITH
   1.11.2
